GIT
  remote: git://github.com/technoweenie/faraday
  revision: 3aa840d012875ee80410e2e627f23fba3d508fa9
  ref: 3aa840d012875ee80410
  specs:
    faraday (0.4.6)
      addressable (>= 2.1.1)
      rack (>= 1.0.1)

GEM
  remote: http://rubygems.org/
  specs:
    addressable (2.2.6)
    coderay (0.9.3)
    haml (2.2.17)
    heroku-nav (0.1.19)
      json
      rest-client (>= 1.0)
    indextank (1.0.7)
      faraday
      json_pure (>= 1.4.6)
      yajl-ruby (>= 0.7.7)
    json (1.4.6)
    json_pure (1.5.1)
    mime-types (1.16)
    nokogiri (1.4.3.1)
    nokogiri (1.4.3.1-x86-mingw32)
    pdfkit (0.5.0)
    rack (1.2.1)
    rack-codehighlighter (0.4.6)
      nokogiri (>= 1.4.1)
      rack (>= 1.0.0)
    rake (0.9.2)
    rdiscount (1.6.8)
    rest-client (1.2.0)
      mime-types (>= 1.16)
    shotgun (0.8)
      rack (>= 1.0)
    sinatra (1.1.2)
      rack (~> 1.1)
      tilt (~> 1.2)
    tilt (1.2.1)
    yajl-ruby (0.8.1)

PLATFORMS
  ruby
  x86-mingw32

DEPENDENCIES
  coderay
  faraday!
  haml (= 2.2.17)
  heroku-nav (~> 0)
  indextank
  json
  pdfkit
  rack (= 1.2.1)
  rack-codehighlighter
  rake (~> 0.9.2)
  rdiscount (= 1.6.8)
  rest-client (= 1.2.0)
  shotgun
  sinatra (= 1.1.2)
